GEM
  remote: http://rubygems.org/
  specs:
    tmuxinator (0.5.0)

PLATFORMS
  ruby

DEPENDENCIES
  tmuxinator
