GEM
  remote: https://rubygems.org/
  specs:
    homesick (1.1.6)
      thor (>= 0.14.0)
    thor (1.0.1)

PLATFORMS
  ruby

DEPENDENCIES
  homesick

BUNDLED WITH
   2.1.4
