GEM
  remote: https://rubygems.org/
  specs:
    homesick (1.1.1)
      thor (>= 0.14.0)
    thor (0.19.1)

PLATFORMS
  ruby

DEPENDENCIES
  homesick
